GEM
  remote: https://rubygems.org/
  specs:
    appium_lib_core (7.1.0)
      faye-websocket (~> 0.11.0)
      selenium-webdriver (~> 4.2, < 4.12)
    coderay (1.1.3)
    eventmachine (1.2.7)
    faye-websocket (0.11.3)
      eventmachine (>= 0.12.0)
      websocket-driver (>= 0.5.1)
    method_source (1.0.0)
    power_assert (2.0.3)
    pry (0.14.2)
      coderay (~> 1.1)
      method_source (~> 1.0)
    rexml (3.2.6)
    rubyzip (2.3.2)
    selenium-webdriver (4.11.0)
      rexml (~> 3.2, >= 3.2.5)
      rubyzip (>= 1.2.2, < 3.0)
      websocket (~> 1.0)
    test-unit (3.5.7)
      power_assert
    websocket (1.2.9)
    websocket-driver (0.7.6)
      websocket-extensions (>= 0.1.0)
    websocket-extensions (0.1.5)

PLATFORMS
  arm64-darwin-22

DEPENDENCIES
  appium_lib_core
  pry
  test-unit

BUNDLED WITH
   2.4.5
